PATH
  remote: .
  specs:
    cli_chart (0.1.0)

GEM
  remote: https://rubygems.org/
  specs:
    ast (2.4.0)
    jaro_winkler (1.5.3)
    minitest (5.11.3)
    parallel (1.17.0)
    parser (2.6.3.0)
      ast (~> 2.4.0)
    rainbow (3.0.0)
    rubocop (0.73.0)
      jaro_winkler (~> 1.5.1)
      parallel (~> 1.10)
      parser (>= 2.6)
      rainbow (>= 2.2.2, < 4.0)
      ruby-progressbar (~> 1.7)
      unicode-display_width (>= 1.4.0, < 1.7)
    ruby-progressbar (1.10.1)
    sorbet (0.4.4485)
      sorbet-static (= 0.4.4485)
    sorbet-progress (0.2.3)
      sorbet (>= 0.4.4314, < 0.5)
      sorbet-runtime (>= 0.4.4314, < 0.5)
    sorbet-runtime (0.4.4485)
    sorbet-static (0.4.4485-universal-darwin-14)
    unicode-display_width (1.6.0)

PLATFORMS
  ruby

DEPENDENCIES
  bundler (~> 2.0)
  cli_chart!
  minitest (~> 5.0)
  rubocop (~> 0.73.0)
  sorbet (~> 0.4.4485)
  sorbet-progress (~> 0.2.3)

BUNDLED WITH
   2.0.2
