PATH
  remote: .
  specs:
    cli_chart (0.1.0)

GEM
  remote: https://rubygems.org/
  specs:
    minitest (5.11.3)

PLATFORMS
  ruby

DEPENDENCIES
  bundler (~> 2.0)
  cli_chart!
  minitest (~> 5.0)

BUNDLED WITH
   2.0.2
